GEM
  remote: http://rubygems.org/
  specs:
    RedCloth (4.2.9)
    activemodel (3.2.13)
      activesupport (= 3.2.13)
      builder (~> 3.0.0)
    activesupport (3.2.13)
      i18n (= 0.6.1)
      multi_json (~> 1.0)
    addressable (2.3.3)
    blankslate (2.1.2.4)
    builder (3.0.4)
    chunky_png (1.2.8)
    classifier (1.3.4)
      fast-stemmer (>= 1.0.0)
    coderay (1.1.0)
    colorator (0.1)
    commander (4.1.6)
      highline (~> 1.6.11)
    compass (0.12.2)
      chunky_png (~> 1.2)
      fssm (>= 0.2.7)
      sass (~> 3.1)
    diff-lcs (1.2.3)
    domainatrix (0.0.11)
      addressable
    dotenv (0.9.0)
    fast-stemmer (1.0.2)
    ffi (1.9.3)
    foreman (0.63.0)
      dotenv (>= 0.7)
      thor (>= 0.13.6)
    fssm (0.2.10)
    haml (3.1.8)
    hashr (0.0.22)
    highline (1.6.19)
    httparty (0.11.0)
      multi_json (~> 1.0)
      multi_xml (>= 0.5.2)
    i18n (0.6.1)
    jekyll (1.5.1)
      classifier (~> 1.3)
      colorator (~> 0.1)
      commander (~> 4.1.3)
      liquid (~> 2.5.5)
      listen (~> 1.3)
      maruku (= 0.7.0)
      pygments.rb (~> 0.5.0)
      redcarpet (~> 2.3.0)
      safe_yaml (~> 1.0)
      toml (~> 0.1.0)
    json (1.7.7)
    kgio (2.8.0)
    launchy (2.3.0)
      addressable (~> 2.3)
    liquid (2.5.5)
    listen (1.3.1)
      rb-fsevent (>= 0.9.3)
      rb-inotify (>= 0.9)
      rb-kqueue (>= 0.2)
    maruku (0.7.0)
    method_source (0.8.2)
    mime-types (1.22)
    multi_json (1.7.2)
    multi_xml (0.5.3)
    nokogiri (1.5.9)
    parslet (1.5.0)
      blankslate (~> 2.0)
    posix-spawn (0.3.8)
    pry (0.9.12.6)
      coderay (~> 1.0)
      method_source (~> 0.8)
      slop (~> 3.4)
    psych (1.3.4)
    pygments.rb (0.5.4)
      posix-spawn (~> 0.3.6)
      yajl-ruby (~> 1.1.0)
    rack (1.5.2)
    rack-protection (1.5.0)
      rack
    rack-rewrite (1.5.0)
    rack-test (0.6.2)
      rack (>= 1.0)
    raindrops (0.11.0)
    rake (10.0.4)
    rb-fsevent (0.9.3)
    rb-inotify (0.9.3)
      ffi (>= 0.5.0)
    rb-kqueue (0.2.2)
      ffi (>= 0.5.0)
    rdiscount (2.0.7.2)
    redcarpet (2.3.0)
    rest-client (1.6.7)
      mime-types (>= 1.16)
    rspec (2.13.0)
      rspec-core (~> 2.13.0)
      rspec-expectations (~> 2.13.0)
      rspec-mocks (~> 2.13.0)
    rspec-core (2.13.1)
    rspec-expectations (2.13.0)
      diff-lcs (>= 1.1.3, < 2.0)
    rspec-mocks (2.13.1)
    safe_yaml (1.0.2)
    sass (3.2.7)
    sinatra (1.3.6)
      rack (~> 1.4)
      rack-protection (~> 1.3)
      tilt (~> 1.3, >= 1.3.3)
    slop (3.5.0)
    tddium (1.8.1)
      highline
      json
      launchy
      tddium_client (~> 0.2.0)
      thor
    tddium_client (0.2.0)
      httparty (>= 0.8.1)
      json
    thor (0.18.1)
    tilt (1.3.7)
    tire (0.4.3)
      activemodel (>= 3.0)
      hashr (~> 0.0.19)
      multi_json (~> 1.0)
      rake
      rest-client (~> 1.6)
    toml (0.1.1)
      parslet (~> 1.5.0)
    unicorn (4.6.3)
      kgio (~> 2.6)
      rack
      raindrops (~> 0.7)
    yajl-ruby (1.1.0)

PLATFORMS
  ruby

DEPENDENCIES
  RedCloth (~> 4.2.9)
  compass (~> 0.12.2)
  domainatrix (~> 0.0.11)
  foreman (~> 0.63.0)
  haml (~> 3.1.6)
  jekyll (~> 1.5.1)
  json
  nokogiri (~> 1.5.5)
  pry (~> 0.9.12.6)
  psych (~> 1.3.4)
  rack-rewrite (~> 1.5.0)
  rack-test (~> 0.6.2)
  rb-fsevent (~> 0.9.1)
  rdiscount
  rspec (~> 2.13.0)
  sass (~> 3.2)
  sinatra (~> 1.3.3)
  tddium
  tire (~> 0.4.2)
  unicorn
